GEM
  remote: https://rubygems.org/
  specs:
    lazy_priority_queue (0.1.1)
    mini_portile2 (2.4.0)
    nokogiri (1.10.4)
      mini_portile2 (~> 2.4.0)
    redis (4.1.3)
    rgl (0.5.6)
      lazy_priority_queue (~> 0.1.0)
      stream (~> 0.5.2)
    stream (0.5.2)

PLATFORMS
  ruby

DEPENDENCIES
  nokogiri (~> 1.10)
  redis (~> 4.1)
  rgl (~> 0.5)

BUNDLED WITH
   1.17.2
