GEM
  remote: https://rubygems.org/
  specs:
    mini_portile2 (2.4.0)
    nokogiri (1.10.4)
      mini_portile2 (~> 2.4.0)
    redis (4.1.3)

PLATFORMS
  ruby

DEPENDENCIES
  nokogiri (~> 1.10)
  redis (~> 4.1)

BUNDLED WITH
   1.17.2
